GEM
  remote: https://rubygems.org/
  specs:

BUNDLED WITH
   1.16.1
